GIT
  remote: git://github.com/csdn-dev/second_level_cache.git
  revision: f6185488ebf1bf5d1e7e18e1448c61bb367f51d2
  specs:
    second_level_cache (1.6.2)
      activesupport (~> 3.2.0)

GEM
  remote: https://rubygems.org/
  specs:
    activesupport (3.2.13)
      i18n (= 0.6.1)
      multi_json (~> 1.0)
    addressable (2.3.4)
    backports (3.3.1)
    binding_of_caller (0.7.2)
      debug_inspector (>= 0.0.1)
    bson (1.9.1)
    coderay (1.0.9)
    cookiejar (0.3.0)
    daemons (1.1.9)
    database_cleaner (1.0.1)
    debug_inspector (0.0.2)
    em-http-request (1.0.3)
      addressable (>= 2.2.3)
      cookiejar
      em-socksify
      eventmachine (>= 1.0.0.beta.4)
      http_parser.rb (>= 0.5.3)
    em-mongo (0.4.3)
      bson (>= 1.1.3)
      eventmachine (>= 0.12.10)
    em-resolv-replace (1.1.3)
    em-socksify (0.2.1)
      eventmachine (>= 1.0.0.beta.4)
    em-synchrony (1.0.3)
      eventmachine (>= 1.0.0.beta.1)
    eventmachine (1.0.3)
    factory_girl (4.2.0)
      activesupport (>= 3.0.0)
    faraday (0.8.7)
      multipart-post (~> 1.1)
    haml (4.0.3)
      tilt
    hiredis (0.4.5)
    http_parser.rb (0.5.3)
    i18n (0.6.1)
    method_source (0.8.1)
    minitest (2.12.1)
    mongo (1.9.1)
      bson (~> 1.9.1)
    multi_json (1.7.3)
    multipart-post (1.2.0)
    oj (2.0.13)
    pry (0.9.12.2)
      coderay (~> 1.0.5)
      method_source (~> 0.8)
      slop (~> 3.4)
    pry-nav (0.2.3)
      pry (~> 0.9.10)
    pry-remote (0.1.7)
      pry (~> 0.9)
      slop (~> 3.0)
    pry-stack_explorer (0.4.9)
      binding_of_caller (>= 0.7)
      pry (~> 0.9.11)
    rack (1.5.2)
    rack-fiber_pool (0.9.3)
    rack-protection (1.5.0)
      rack
    rack-test (0.6.2)
      rack (>= 1.0)
    rake (10.1.0)
    redis (3.0.4)
    redis-activesupport (3.2.3)
      activesupport (~> 3.2.3)
      redis-store (~> 1.1.0)
    redis-store (1.1.3)
      redis (>= 2.2.0)
    sinatra (1.4.2)
      rack (~> 1.5, >= 1.5.2)
      rack-protection (~> 1.4)
      tilt (~> 1.3, >= 1.3.4)
    sinatra-contrib (1.4.0)
      backports (>= 2.0)
      eventmachine
      rack-protection
      rack-test
      sinatra (~> 1.4.2)
      tilt (~> 1.3)
    sinatra-flash (0.3.0)
      sinatra (>= 1.0.0)
    sinatra-synchrony (0.4.1)
      em-http-request (~> 1.0)
      em-resolv-replace (~> 1.1)
      em-synchrony (~> 1.0.1)
      eventmachine (~> 1.0.0)
      rack-fiber_pool (~> 0.9)
      sinatra (~> 1.0)
    slop (3.4.5)
    thin (1.5.1)
      daemons (>= 1.0.9)
      eventmachine (>= 0.12.6)
      rack (>= 1.0.0)
    tilt (1.4.1)

PLATFORMS
  ruby

DEPENDENCIES
  activesupport
  database_cleaner
  em-mongo
  factory_girl
  faraday
  haml
  hiredis
  minitest (~> 2.6)
  mongo
  oj
  pry
  pry-nav
  pry-remote
  pry-stack_explorer
  rack
  rack-test
  rake (= 10.1.0)
  redis
  redis-activesupport
  redis-store
  second_level_cache!
  sinatra
  sinatra-contrib
  sinatra-flash
  sinatra-synchrony
  thin
